REFERENCES: STRICT
RESTRICTION: == net462
NUGET
  remote: https://www.nuget.org/api/v2
    DotLiquid (2.0.262)
    FAKE (4.62.6)
    FSharp.Data (2.4.6)
    Microsoft.CSharp (4.4.1)
    Newtonsoft.Json (11.0.2)
    NJsonSchema (9.10.43)
      Newtonsoft.Json (>= 9.0.1)
    NJsonSchema.CodeGeneration (9.10.43)
      DotLiquid (>= 2.0.254)
      Newtonsoft.Json (>= 9.0.1)
      NJsonSchema (>= 9.10.43)
    NJsonSchema.CodeGeneration.CSharp (9.10.43)
      Newtonsoft.Json (>= 9.0.1)
      NJsonSchema (>= 9.10.43)
      NJsonSchema.CodeGeneration (>= 9.10.43)
    NJsonSchema.CodeGeneration.TypeScript (9.10.43)
      Microsoft.CSharp (>= 4.3)
      Newtonsoft.Json (>= 9.0.1)
      NJsonSchema (>= 9.10.43)
      NJsonSchema.CodeGeneration (>= 9.10.43)
    NSwag.AssemblyLoader (11.17.1)
      NJsonSchema (>= 9.10.43)
      System.Net.Http (>= 4.3.2)
    NSwag.CodeGeneration (11.17.1)
      Newtonsoft.Json (>= 9.0.1)
      NJsonSchema (>= 9.10.43)
      NJsonSchema.CodeGeneration (>= 9.10.43)
      NSwag.Core (>= 11.17.1)
    NSwag.CodeGeneration.TypeScript (11.17.1)
      NJsonSchema.CodeGeneration.TypeScript (>= 9.10.43)
      NSwag.CodeGeneration (>= 11.17.1)
    NSwag.Core (11.17.1)
      Newtonsoft.Json (>= 9.0.1)
      NJsonSchema (>= 9.10.43)
    NSwag.SwaggerGeneration (11.17.1)
      Newtonsoft.Json (>= 9.0.1)
      NJsonSchema (>= 9.10.43)
      NSwag.Core (>= 11.17.1)
    NSwag.SwaggerGeneration.WebApi (11.17.1)
      Newtonsoft.Json (>= 9.0.1)
      NJsonSchema (>= 9.10.43)
      NSwag.SwaggerGeneration (>= 11.17.1)
    NuGet.CommandLine (4.6.2)
    NUnit.Console (3.7)
      NUnit.ConsoleRunner (>= 3.7)
      NUnit.Extension.NUnitProjectLoader (>= 3.5)
      NUnit.Extension.NUnitV2Driver (>= 3.6)
      NUnit.Extension.NUnitV2ResultWriter (>= 3.5)
      NUnit.Extension.TeamCityEventListener (>= 1.0.2)
      NUnit.Extension.VSProjectLoader (>= 3.5)
    NUnit.ConsoleRunner (3.8)
    NUnit.Extension.NUnitProjectLoader (3.6)
    NUnit.Extension.NUnitV2Driver (3.7)
    NUnit.Extension.NUnitV2ResultWriter (3.6)
    NUnit.Extension.TeamCityEventListener (1.0.3)
    NUnit.Extension.VSProjectLoader (3.7)
    OpenCover (4.6.519)
    System.Net.Http (4.3.3)
      System.Security.Cryptography.X509Certificates (>= 4.3)
    System.Security.Cryptography.Algorithms (4.3.1)
      System.Security.Cryptography.Primitives (>= 4.3)
    System.Security.Cryptography.Encoding (4.3)
    System.Security.Cryptography.Primitives (4.3)
    System.Security.Cryptography.X509Certificates (4.3.2)
      System.Security.Cryptography.Algorithms (>= 4.3)
      System.Security.Cryptography.Encoding (>= 4.3)
